PATH
  remote: .
  specs:
    browzy (0.0.1)

GEM
  remote: https://rubygems.org/
  specs:
    activesupport (3.2.12)
      i18n (~> 0.6)
      multi_json (~> 1.0)
    configatron (2.10.0)
      yamler (>= 0.1.0)
    cover_me (1.2.0)
      configatron
      hashie
    diff-lcs (1.1.3)
    factory_girl (4.2.0)
      activesupport (>= 3.0.0)
    hashie (2.0.0)
    i18n (0.6.1)
    metaclass (0.0.1)
    mocha (0.13.2)
      metaclass (~> 0.0.1)
    multi_json (1.6.1)
    rspec (2.12.0)
      rspec-core (~> 2.12.0)
      rspec-expectations (~> 2.12.0)
      rspec-mocks (~> 2.12.0)
    rspec-core (2.12.2)
    rspec-expectations (2.12.1)
      diff-lcs (~> 1.1.3)
    rspec-mocks (2.12.2)
    yamler (0.1.0)

PLATFORMS
  ruby

DEPENDENCIES
  browzy!
  cover_me
  factory_girl (~> 4.1)
  mocha (~> 0.12)
  rspec
